GEM
  remote: https://rubygems.org/
  specs:
    activesupport (4.2.5)
      i18n (~> 0.7)
      json (~> 1.7, >= 1.7.7)
      minitest (~> 5.1)
      thread_safe (~> 0.3, >= 0.3.4)
      tzinfo (~> 1.1)
    akami (1.3.1)
      gyoku (>= 0.4.0)
      nokogiri
    bindata (2.3.0)
    bravtroller (0.1.6)
      easy_upnp (>= 0.1.8)
    builder (3.2.2)
    color (1.7.1)
    crack (0.4.3)
      safe_yaml (~> 1.0.0)
    easy_upnp (0.4.2)
      nokogiri (~> 1.6.6.2)
      nori (~> 2.6.0)
      rake
      savon (~> 2.11.1)
    gyoku (1.3.1)
      builder (>= 2.1.2)
    httpi (2.4.1)
      rack
    i18n (0.7.0)
    ipaddress (0.8.3)
    json (1.8.3)
    ledenet_api (1.1.1)
      bindata (>= 2.3)
      ipaddress (>= 0.8)
    limitless-led (0.2.1)
      activesupport
      color
      rainbow
    mini_portile (0.6.2)
    minitest (5.8.4)
    multi_json (1.11.2)
    net-ping (1.7.8)
    nokogiri (1.6.6.4)
      mini_portile (~> 0.6.0)
    nori (2.6.0)
    puma (2.15.3)
    rack (1.6.4)
    rack-protection (1.5.3)
      rack
    rainbow (2.1.0)
    rake (11.1.2)
    ruby-enum (0.5.0)
      i18n
    safe_yaml (1.0.4)
    savon (2.11.1)
      akami (~> 1.2)
      builder (>= 2.1.2)
      gyoku (~> 1.2)
      httpi (~> 2.3)
      nokogiri (>= 1.4.0)
      nori (~> 2.4)
      wasabi (~> 3.4)
    sinatra (1.4.6)
      rack (~> 1.4)
      rack-protection (~> 1.4)
      tilt (>= 1.3, < 3)
    sinatra-json (0.1.0)
      multi_json (~> 1.0)
      sinatra (~> 1.0)
    sinatra-param (1.4.0)
      sinatra (~> 1.3)
    thread (0.2.2)
    thread_safe (0.3.5)
    tilt (2.0.1)
    tzinfo (1.2.2)
      thread_safe (~> 0.1)
    wasabi (3.5.0)
      httpi (~> 2.0)
      nokogiri (>= 1.4.2)

PLATFORMS
  ruby

DEPENDENCIES
  activesupport
  bravtroller
  color
  crack
  easy_upnp
  ledenet_api (>= 1.0.0)
  limitless-led
  net-ping
  puma
  ruby-enum
  sinatra
  sinatra-json
  sinatra-param
  thread

BUNDLED WITH
   1.11.2
