GEM
  remote: https://rubygems.org/
  specs:
    akami (1.3.1)
      gyoku (>= 0.4.0)
      nokogiri
    bravtroller (0.1.5)
      easy_upnp (~> 0.1.6)
    builder (3.2.2)
    color (1.7.1)
    easy_upnp (0.1.8)
      nokogiri (~> 1.6.6.2)
      nori (~> 2.6.0)
      rake
      savon (~> 2.11.1)
    gyoku (1.3.1)
      builder (>= 2.1.2)
    httpi (2.4.1)
      rack
    ledenet_api (0.1.3)
    mini_portile (0.6.2)
    multi_json (1.11.2)
    net-ping (1.7.8)
    nokogiri (1.6.6.2)
      mini_portile (~> 0.6.0)
    nori (2.6.0)
    rack (1.6.4)
    rack-protection (1.5.3)
      rack
    rake (10.4.2)
    savon (2.11.1)
      akami (~> 1.2)
      builder (>= 2.1.2)
      gyoku (~> 1.2)
      httpi (~> 2.3)
      nokogiri (>= 1.4.0)
      nori (~> 2.4)
      wasabi (~> 3.4)
    sinatra (1.4.6)
      rack (~> 1.4)
      rack-protection (~> 1.4)
      tilt (>= 1.3, < 3)
    sinatra-json (0.1.0)
      multi_json (~> 1.0)
      sinatra (~> 1.0)
    tilt (2.0.1)
    wasabi (3.5.0)
      httpi (~> 2.0)
      nokogiri (>= 1.4.2)

PLATFORMS
  ruby

DEPENDENCIES
  bravtroller
  color
  ledenet_api
  net-ping
  sinatra
  sinatra-json

BUNDLED WITH
   1.10.5
